PATH
  remote: .
  specs:
    restfolia-uritemplate (0.0.1)
      restfolia (~> 1.0.1)
      uri_template (~> 0.3.0)

GEM
  remote: http://rubygems.org/
  specs:
    builder (3.0.0)
    ci_reporter (1.7.0)
      builder (>= 2.1.2)
    columnize (0.3.6)
    diff-lcs (1.1.3)
    fakeweb (1.3.0)
    git (1.2.5)
    jeweler (1.8.3)
      bundler (~> 1.0)
      git (>= 1.2.5)
      rake
      rdoc
    json (1.7.3)
    linecache (0.46)
      rbx-require-relative (> 0.0.4)
    multi_json (1.3.5)
    rake (0.9.2.2)
    rbx-require-relative (0.0.9)
    rcov (1.0.0)
    rdoc (3.12)
      json (~> 1.4)
    restfolia (1.0.1)
      multi_json (~> 1.3.0)
    rspec (2.8.0)
      rspec-core (~> 2.8.0)
      rspec-expectations (~> 2.8.0)
      rspec-mocks (~> 2.8.0)
    rspec-core (2.8.0)
    rspec-expectations (2.8.0)
      diff-lcs (~> 1.1.2)
    rspec-mocks (2.8.0)
    ruby-debug (0.10.4)
      columnize (>= 0.1)
      ruby-debug-base (~> 0.10.4.0)
    ruby-debug-base (0.10.4)
      linecache (>= 0.3)
    uri_template (0.3.0)

PLATFORMS
  ruby

DEPENDENCIES
  bundler (~> 1.0.0)
  ci_reporter
  fakeweb (= 1.3.0)
  jeweler (~> 1.8.3)
  rcov (= 1.0.0)
  rdoc (~> 3.12)
  restfolia-uritemplate!
  rspec (~> 2.8.0)
  ruby-debug (~> 0.10.4)
