PATH
  remote: .
  specs:
    restfolia-uritemplate (0.0.1)
      restfolia (~> 1.0.1)
      uri_template (~> 0.3.0)

GEM
  remote: http://rubygems.org/
  specs:
    diff-lcs (1.1.3)
    fakeweb (1.3.0)
    multi_json (1.3.6)
    rake (0.9.2.2)
    restfolia (1.0.1)
      multi_json (~> 1.3.0)
    rspec (2.8.0)
      rspec-core (~> 2.8.0)
      rspec-expectations (~> 2.8.0)
      rspec-mocks (~> 2.8.0)
    rspec-core (2.8.0)
    rspec-expectations (2.8.0)
      diff-lcs (~> 1.1.2)
    rspec-mocks (2.8.0)
    uri_template (0.3.0)

PLATFORMS
  ruby

DEPENDENCIES
  fakeweb (= 1.3.0)
  rake
  restfolia-uritemplate!
  rspec (~> 2.8.0)
